GEM
  specs:
    test_javalos (0.0.1)

PLATFORMS
  ruby

DEPENDENCIES
  test_javalos
