GEM
  remote: http://rubygems.org/
  specs:
    test_javalos (0.0.3)

PLATFORMS
  ruby

DEPENDENCIES
  test_javalos (~> 0.0.3)
